GEM
  remote: https://rubygems.org/
  specs:
    bitcoin-ruby (0.0.5)
    gaston (0.6.0)
      inflecto
    inflecto (0.0.2)

PLATFORMS
  ruby

DEPENDENCIES
  bitcoin-ruby
  gaston
